GEM
  remote: https://rubygems.org/
  specs:
    activesupport (5.2.4.3)
      concurrent-ruby (~> 1.0, >= 1.0.2)
      i18n (>= 0.7, < 2)
      minitest (~> 5.1)
      tzinfo (~> 1.1)
    arr-pm (0.0.10)
      cabin (> 0)
    ast (2.4.1)
    backports (3.10.3)
    cabin (0.9.0)
    childprocess (0.8.0)
      ffi (~> 1.0, >= 1.0.11)
    clamp (1.0.1)
    coderay (1.1.2)
    concurrent-ruby (1.1.6)
    diff-lcs (1.3)
    docker-api (1.34.0)
      excon (>= 0.47.0)
      multi_json
    domain_name (0.5.20170404)
      unf (>= 0.0.5, < 1.0.0)
    dotenv (2.2.1)
    excon (0.71.0)
    ffi (1.9.18)
    fpm (1.9.3)
      arr-pm (~> 0.0.10)
      backports (>= 2.6.2)
      cabin (>= 0.6.0)
      childprocess
      clamp (~> 1.0.0)
      ffi
      json (>= 1.7.7, < 2.0)
      pleaserun (~> 0.0.29)
      ruby-xz
      stud
    gc_ruboconfig (2.16.0)
      rubocop (>= 0.87)
      rubocop-performance (~> 1.7)
      rubocop-rspec (>= 1.38.1)
    http-cookie (1.0.3)
      domain_name (~> 0.5)
    i18n (1.8.2)
      concurrent-ruby (~> 1.0)
    insist (1.0.0)
    io-like (0.3.0)
    json (1.8.6)
    method_source (0.9.0)
    mime-types (3.1)
      mime-types-data (~> 3.2015)
    mime-types-data (3.2016.0521)
    minitest (5.14.1)
    multi_json (1.12.2)
    mustache (0.99.8)
    netrc (0.11.0)
    parallel (1.19.2)
    parser (2.7.1.4)
      ast (~> 2.4.1)
    pleaserun (0.0.30)
      cabin (> 0)
      clamp
      dotenv
      insist
      mustache (= 0.99.8)
      stud
    pry (0.11.3)
      coderay (~> 1.1.0)
      method_source (~> 0.9.0)
    rainbow (3.0.0)
    regexp_parser (1.7.1)
    rest-client (2.0.2)
      http-cookie (>= 1.0.2, < 2.0)
      mime-types (>= 1.16, < 4.0)
      netrc (~> 0.8)
    rexml (3.2.5)
    rspec (3.7.0)
      rspec-core (~> 3.7.0)
      rspec-expectations (~> 3.7.0)
      rspec-mocks (~> 3.7.0)
    rspec-core (3.7.0)
      rspec-support (~> 3.7.0)
    rspec-expectations (3.7.0)
      diff-lcs (>= 1.2.0, < 2.0)
      rspec-support (~> 3.7.0)
    rspec-mocks (3.7.0)
      diff-lcs (>= 1.2.0, < 2.0)
      rspec-support (~> 3.7.0)
    rspec-support (3.7.0)
    rubocop (0.88.0)
      parallel (~> 1.10)
      parser (>= 2.7.1.1)
      rainbow (>= 2.2.2, < 4.0)
      regexp_parser (>= 1.7)
      rexml
      rubocop-ast (>= 0.1.0, < 1.0)
      ruby-progressbar (~> 1.7)
      unicode-display_width (>= 1.4.0, < 2.0)
    rubocop-ast (0.2.0)
      parser (>= 2.7.0.1)
    rubocop-performance (1.7.1)
      rubocop (>= 0.82.0)
    rubocop-rspec (1.42.0)
      rubocop (>= 0.87.0)
    ruby-progressbar (1.10.1)
    ruby-xz (0.2.3)
      ffi (~> 1.9)
      io-like (~> 0.3)
    stud (0.0.23)
    thread_safe (0.3.6)
    tzinfo (1.2.7)
      thread_safe (~> 0.1)
    unf (0.1.4)
      unf_ext
    unf_ext (0.0.7.4)
    unicode-display_width (1.7.0)

PLATFORMS
  ruby

DEPENDENCIES
  activesupport
  docker-api
  fpm
  gc_ruboconfig
  pry
  rest-client
  rspec
  rubocop

BUNDLED WITH
   2.1.4
